GIT
  remote: git@github.com:chonglou/bodhi.git
  revision: f7f8e0e43a3613e8cda7cbf235d4d2fd9dfcb070
  specs:
    brahma_bodhi (0.0.1)
      autoprefixer-rails
      bootstrap-sass
      brahma_utils
      bson_ext
      carrierwave
      fog
      jquery-rails
      lazy_high_charts
      mini_magick
      mongo
      mysql2
      nokogiri
      oauth2
      puma
      rails
      redcarpet
      redis
      rufus-scheduler
      sass-rails
      slim
      turbolinks

GIT
  remote: git@github.com:chonglou/daemon.git
  revision: 5923e98f33c35a971bcf71b62c751025cec4f89a
  specs:
    brahma_daemon (0.0.1)

GIT
  remote: git@github.com:chonglou/utils.git
  revision: 57ec9e140cd25a267c3687ec5c63627aa82b1e20
  specs:
    brahma_utils (0.0.1)
      bunny
      connection_pool
      highline
      iconv
      mysql2
      nokogiri
      redcarpet
      redis
      sequel

GEM
  remote: https://rubygems.org/
  specs:
    actionmailer (4.1.7)
      actionpack (= 4.1.7)
      actionview (= 4.1.7)
      mail (~> 2.5, >= 2.5.4)
    actionpack (4.1.7)
      actionview (= 4.1.7)
      activesupport (= 4.1.7)
      rack (~> 1.5.2)
      rack-test (~> 0.6.2)
    actionview (4.1.7)
      activesupport (= 4.1.7)
      builder (~> 3.1)
      erubis (~> 2.7.0)
    activemodel (4.1.7)
      activesupport (= 4.1.7)
      builder (~> 3.1)
    activerecord (4.1.7)
      activemodel (= 4.1.7)
      activesupport (= 4.1.7)
      arel (~> 5.0.0)
    activesupport (4.1.7)
      i18n (~> 0.6, >= 0.6.9)
      json (~> 1.7, >= 1.7.7)
      minitest (~> 5.1)
      thread_safe (~> 0.1)
      tzinfo (~> 1.1)
    amq-protocol (1.9.2)
    arel (5.0.1.20140414130214)
    autoprefixer-rails (3.1.2.20141016)
      execjs
    bootstrap-sass (3.3.0.1)
      sass (~> 3.2)
    bson (1.11.1)
    bson_ext (1.11.1)
      bson (~> 1.11.1)
    builder (3.2.2)
    bunny (1.6.0)
      amq-protocol (>= 1.9.2)
    capistrano (3.2.1)
      i18n
      rake (>= 10.0.0)
      sshkit (~> 1.3)
    capistrano-bundler (1.1.3)
      capistrano (~> 3.1)
      sshkit (~> 1.2)
    capistrano-rails (1.1.2)
      capistrano (~> 3.1)
      capistrano-bundler (~> 1.1)
    capistrano-rbenv (2.0.2)
      capistrano (~> 3.1)
      sshkit (~> 1.3)
    capistrano3-puma (0.8.3)
      capistrano (~> 3.0)
      puma (>= 2.6)
    carrierwave (0.10.0)
      activemodel (>= 3.2.0)
      activesupport (>= 3.2.0)
      json (>= 1.7)
      mime-types (>= 1.16)
    celluloid (0.16.0)
      timers (~> 4.0.0)
    coffee-rails (4.0.1)
      coffee-script (>= 2.2.0)
      railties (>= 4.0.0, < 5.0)
    coffee-script (2.3.0)
      coffee-script-source
      execjs
    coffee-script-source (1.8.0)
    colorize (0.7.3)
    connection_pool (2.0.0)
    diff-lcs (1.2.5)
    erubis (2.7.0)
    eventmachine (1.0.3)
    excon (0.40.0)
    execjs (2.2.2)
    factory_girl (4.5.0)
      activesupport (>= 3.0.0)
    factory_girl_rails (4.5.0)
      factory_girl (~> 4.5.0)
      railties (>= 3.0.0)
    faraday (0.9.0)
      multipart-post (>= 1.2, < 3)
    ffi (1.9.6)
    fog (1.24.0)
      fog-brightbox
      fog-core (~> 1.23)
      fog-json
      fog-radosgw (>= 0.0.2)
      fog-sakuracloud (>= 0.0.4)
      fog-softlayer
      ipaddress (~> 0.5)
      nokogiri (~> 1.5, >= 1.5.11)
    fog-brightbox (0.6.1)
      fog-core (~> 1.22)
      fog-json
      inflecto
    fog-core (1.24.0)
      builder
      excon (~> 0.38)
      formatador (~> 0.2)
      mime-types
      net-scp (~> 1.1)
      net-ssh (>= 2.1.3)
    fog-json (1.0.0)
      multi_json (~> 1.0)
    fog-radosgw (0.0.3)
      fog-core (>= 1.21.0)
      fog-json
      fog-xml (>= 0.0.1)
    fog-sakuracloud (0.1.1)
      fog-core
      fog-json
    fog-softlayer (0.3.23)
      fog-core
      fog-json
    fog-xml (0.1.0)
      fog-core
      nokogiri (~> 1.5, >= 1.5.11)
    formatador (0.2.5)
    hash-deep-merge (0.1.1)
    highline (1.6.21)
    hike (1.2.3)
    hitimes (1.2.2)
    i18n (0.6.11)
    iconv (1.0.4)
    inflecto (0.0.2)
    ipaddress (0.8.0)
    jbuilder (2.2.4)
      activesupport (>= 3.0.0, < 5)
      multi_json (~> 1.2)
    jquery-rails (3.1.2)
      railties (>= 3.0, < 5.0)
      thor (>= 0.14, < 2.0)
    json (1.8.1)
    jwt (1.0.0)
    lazy_high_charts (1.5.4)
      bundler (>= 1.0)
      hash-deep-merge
    listen (2.7.11)
      celluloid (>= 0.15.2)
      rb-fsevent (>= 0.9.3)
      rb-inotify (>= 0.9)
    mail (2.6.1)
      mime-types (>= 1.16, < 3)
    mime-types (2.4.3)
    mini_magick (3.8.1)
      subexec (~> 0.2.1)
    mini_portile (0.6.0)
    minitest (5.4.2)
    mongo (1.11.1)
      bson (= 1.11.1)
    multi_json (1.10.1)
    multi_xml (0.5.5)
    multipart-post (2.0.0)
    mysql2 (0.3.16)
    net-scp (1.2.1)
      net-ssh (>= 2.6.5)
    net-ssh (2.9.1)
    nokogiri (1.6.3.1)
      mini_portile (= 0.6.0)
    oauth2 (1.0.0)
      faraday (>= 0.8, < 0.10)
      jwt (~> 1.0)
      multi_json (~> 1.3)
      multi_xml (~> 0.5)
      rack (~> 1.2)
    puma (2.9.2)
      rack (>= 1.1, < 2.0)
    rack (1.5.2)
    rack-test (0.6.2)
      rack (>= 1.0)
    rails (4.1.7)
      actionmailer (= 4.1.7)
      actionpack (= 4.1.7)
      actionview (= 4.1.7)
      activemodel (= 4.1.7)
      activerecord (= 4.1.7)
      activesupport (= 4.1.7)
      bundler (>= 1.3.0, < 2.0)
      railties (= 4.1.7)
      sprockets-rails (~> 2.0)
    railties (4.1.7)
      actionpack (= 4.1.7)
      activesupport (= 4.1.7)
      rake (>= 0.8.7)
      thor (>= 0.18.1, < 2.0)
    rake (10.3.2)
    rb-fsevent (0.9.4)
    rb-inotify (0.9.5)
      ffi (>= 0.5.0)
    rdoc (4.1.2)
      json (~> 1.4)
    redcarpet (3.2.0)
    redis (3.1.0)
    rerun (0.10.0)
      listen (~> 2.7, >= 2.7.3)
    rspec-core (3.1.7)
      rspec-support (~> 3.1.0)
    rspec-expectations (3.1.2)
      diff-lcs (>= 1.2.0, < 2.0)
      rspec-support (~> 3.1.0)
    rspec-mocks (3.1.3)
      rspec-support (~> 3.1.0)
    rspec-rails (3.1.0)
      actionpack (>= 3.0)
      activesupport (>= 3.0)
      railties (>= 3.0)
      rspec-core (~> 3.1.0)
      rspec-expectations (~> 3.1.0)
      rspec-mocks (~> 3.1.0)
      rspec-support (~> 3.1.0)
    rspec-support (3.1.2)
    rufus-scheduler (3.0.9)
      tzinfo
    sass (3.2.19)
    sass-rails (4.0.4)
      railties (>= 4.0.0, < 5.0)
      sass (~> 3.2.2)
      sprockets (~> 2.8, < 2.12)
      sprockets-rails (~> 2.0)
    sdoc (0.4.1)
      json (~> 1.7, >= 1.7.7)
      rdoc (~> 4.0)
    sequel (4.16.0)
    sitemap_generator (5.0.5)
      builder
    slim (2.1.0)
      temple (~> 0.6.9)
      tilt (>= 1.3.3, < 2.1)
    spring (1.1.3)
    sprockets (2.11.3)
      hike (~> 1.2)
      multi_json (~> 1.0)
      rack (~> 1.0)
      tilt (~> 1.1, != 1.3.0)
    sprockets-rails (2.2.0)
      actionpack (>= 3.0)
      activesupport (>= 3.0)
      sprockets (>= 2.8, < 4.0)
    sshkit (1.5.1)
      colorize
      net-scp (>= 1.1.2)
      net-ssh (>= 2.8.0)
    subexec (0.2.3)
    temple (0.6.10)
    thor (0.19.1)
    thread_safe (0.3.4)
    tilt (1.4.1)
    timers (4.0.1)
      hitimes
    turbolinks (2.5.1)
      coffee-rails
    tzinfo (1.2.2)
      thread_safe (~> 0.1)
    uglifier (2.5.3)
      execjs (>= 0.3.0)
      json (>= 1.8.0)

PLATFORMS
  ruby

DEPENDENCIES
  bootstrap-sass
  brahma_bodhi!
  brahma_daemon!
  brahma_utils!
  bson_ext
  bunny
  capistrano (~> 3.1)
  capistrano-rails
  capistrano-rbenv (~> 2.0)
  capistrano3-puma
  coffee-rails (~> 4.0.0)
  connection_pool
  eventmachine
  factory_girl_rails
  highline
  jbuilder (~> 2.0)
  jquery-rails
  mongo
  mysql2
  puma
  rails (= 4.1.7)
  redcarpet
  redis
  rerun
  rspec-rails
  sass-rails (~> 4.0.3)
  sdoc (~> 0.4.0)
  sequel
  sitemap_generator
  slim
  spring
  turbolinks
  uglifier (>= 1.3.0)
